PATH
  remote: .
  specs:
    foreman-export-monit (0.0.2)

GEM
  remote: http://rubygems.org/
  specs:
    foreman (0.41.0)
      thor (>= 0.13.6)
    thor (0.14.6)

PLATFORMS
  ruby

DEPENDENCIES
  foreman
  foreman-export-monit!
